GEM
  remote: https://rubygems.org/
  specs:
    benchmark-ips (2.8.2)

PLATFORMS
  ruby

DEPENDENCIES
  benchmark-ips

RUBY VERSION
   ruby 3.1.1p18

BUNDLED WITH
   2.1.4
